PATH
  remote: .
  specs:
    rich_i18n (1.4.0)
      gem_suit (~> 0.1.2)
      hpricot
      i18n
      rich_cms (~> 3.1.0)
      rich_support (~> 0.1.1)

GEM
  remote: http://rubygems.org/
  specs:
    capybara (0.4.1.2)
      celerity (>= 0.7.9)
      culerity (>= 0.2.4)
      mime-types (>= 1.16)
      nokogiri (>= 1.3.3)
      rack (>= 1.0.0)
      rack-test (>= 0.5.4)
      selenium-webdriver (>= 0.0.27)
      xpath (~> 0.1.3)
    celerity (0.8.9)
    childprocess (0.1.9)
      ffi (~> 1.0.6)
    configuration (1.2.0)
    culerity (0.2.15)
    ffi (1.0.7)
      rake (>= 0.8.7)
    gem_suit (0.1.2)
      capybara (~> 0.4.1.2)
      launchy (~> 0.4.0)
      rich_support (~> 0.1.2)
      thor (~> 0.14.6)
    haml (3.0.25)
    hpricot (0.8.4)
    i18n (0.6.0)
    json_pure (1.5.1)
    jzip (1.1.0)
      rich_support (~> 0.1.1)
    launchy (0.4.0)
      configuration (>= 0.0.5)
      rake (>= 0.8.1)
    mime-types (1.16)
    moneta (0.6.0)
    mustache (0.99.3)
    nokogiri (1.4.4)
    rack (1.2.2)
    rack-test (0.6.0)
      rack (>= 1.0)
    rake (0.9.2)
    rich_cms (3.1.0)
      gem_suit (~> 0.1.2)
      haml (~> 3.0.25)
      jzip (~> 1.1.0)
      moneta (~> 0.6.0)
      mustache (~> 0.99.3)
      rich_support (~> 0.1.1)
    rich_support (0.1.2)
    rubyzip (0.9.4)
    selenium-webdriver (0.2.0)
      childprocess (>= 0.1.7)
      ffi (>= 1.0.7)
      json_pure
      rubyzip
    thor (0.14.6)
    xpath (0.1.4)
      nokogiri (~> 1.3)

PLATFORMS
  ruby

DEPENDENCIES
  jzip (~> 1.1.0)
  rich_i18n!
