PATH
  remote: /Users/paulengel/Sites/e9s-plugins/vendor/plugins/rich_i18n
  specs:
    rich_i18n (1.3.0)
      authlogic (>= 2.1.2)
      formtastic (>= 1.1.0)
      hpricot
      i18n (>= 0.3.7)
      jzip (>= 1.0.11)

GEM
  remote: http://rubygems.org/
  specs:
    actionmailer (2.3.8)
      actionpack (= 2.3.8)
    actionpack (2.3.8)
      activesupport (= 2.3.8)
      rack (~> 1.1.0)
    activerecord (2.3.8)
      activesupport (= 2.3.8)
    activeresource (2.3.8)
      activesupport (= 2.3.8)
    activesupport (2.3.8)
    authlogic (2.1.6)
      activesupport
    formtastic (1.1.0)
      actionpack (>= 2.3.0)
      activesupport (>= 2.3.0)
      i18n (>= 0.4.0)
    hpricot (0.8.2)
    i18n (0.4.2)
    jzip (1.0.11)
    rack (1.1.0)
    rails (2.3.8)
      actionmailer (= 2.3.8)
      actionpack (= 2.3.8)
      activerecord (= 2.3.8)
      activeresource (= 2.3.8)
      activesupport (= 2.3.8)
      rake (>= 0.8.3)
    rake (0.8.7)
    sqlite3-ruby (1.2.5)

PLATFORMS
  ruby

DEPENDENCIES
  rails (= 2.3.8)
  rich_i18n!
  sqlite3-ruby
