PATH
  remote: /Users/paulengel/Sites/e9s-plugins/vendor/plugins/rich_i18n
  specs:
    rich_i18n (1.3.4)
      authlogic (>= 2.1.2)
      formtastic (>= 1.1.0)
      hpricot
      i18n (>= 0.3.7)
      jzip (>= 1.0.11)

PATH
  remote: /Users/paulengel/Sites/e9s-plugins/vendor/plugins/rich_pluralization
  specs:
    rich_pluralization (1.0.7)
      i18n (>= 0.3.7)

GEM
  remote: http://rubygems.org/
  specs:
    actionmailer (2.3.10)
      actionpack (= 2.3.10)
    actionpack (2.3.10)
      activesupport (= 2.3.10)
      rack (~> 1.1.0)
    activerecord (2.3.10)
      activesupport (= 2.3.10)
    activeresource (2.3.10)
      activesupport (= 2.3.10)
    activesupport (2.3.10)
    authlogic (2.1.6)
      activesupport
    capybara (0.4.0)
      celerity (>= 0.7.9)
      culerity (>= 0.2.4)
      mime-types (>= 1.16)
      nokogiri (>= 1.3.3)
      rack (>= 1.0.0)
      rack-test (>= 0.5.4)
      selenium-webdriver (>= 0.0.27)
      xpath (~> 0.1.2)
    capybara-envjs (0.4.0)
      capybara (~> 0.4.0)
      envjs (>= 0.3.7)
    celerity (0.8.2)
    childprocess (0.1.4)
      ffi (~> 0.6.3)
    configuration (1.1.0)
    culerity (0.2.12)
    envjs (0.3.8)
      johnson (>= 2.0.0.pre3)
    ffi (0.6.3)
      rake (>= 0.8.7)
    formtastic (1.2.1)
      actionpack (>= 2.3.7)
      activesupport (>= 2.3.7)
      i18n (>= 0.4.0)
    hpricot (0.8.3)
    i18n (0.4.2)
    johnson (2.0.0.pre3)
      stackdeck (~> 0.2)
    json_pure (1.4.6)
    jzip (1.0.11)
    launchy (0.3.7)
      configuration (>= 0.0.5)
      rake (>= 0.8.1)
    mime-types (1.16)
    mocha (0.9.9)
      rake
    nokogiri (1.4.3.1)
    rack (1.1.0)
    rack-test (0.5.6)
      rack (>= 1.0)
    rails (2.3.10)
      actionmailer (= 2.3.10)
      actionpack (= 2.3.10)
      activerecord (= 2.3.10)
      activeresource (= 2.3.10)
      activesupport (= 2.3.10)
      rake (>= 0.8.3)
    rake (0.8.7)
    rubyzip (0.9.4)
    selenium-webdriver (0.0.29)
      childprocess (>= 0.0.7)
      ffi (~> 0.6.3)
      json_pure
      rubyzip
    shoulda (2.11.3)
    sqlite3-ruby (1.3.2)
    stackdeck (0.2.0)
    xpath (0.1.2)
      nokogiri (~> 1.3)

PLATFORMS
  ruby

DEPENDENCIES
  capybara-envjs
  launchy
  mocha
  rails (= 2.3.10)
  rich_i18n!
  rich_pluralization!
  shoulda
  sqlite3-ruby
